GEM
  remote: https://rubygems.org/
  specs:
    chunky_png (1.2.9)
    compass (0.12.2)
      chunky_png (~> 1.2)
      fssm (>= 0.2.7)
      sphinx-rtd-theme (~> 3.1)
    fssm (0.2.10)
    sphinx-rtd-theme (3.2.12)

PLATFORMS
  ruby

DEPENDENCIES
  compass
